GIT
  remote: git://github.com/JeanMertz/pgbackups-archive.git
  revision: 974a87c0fbb3541cfdc4288914a4a2089df0ae7d
  branch: retry_capture_3_times
  specs:
    pgbackups-archive (0.2.0)
      bundler (>= 1.2.3)
      fog (>= 1.4.0)
      heroku (~> 2.34.0)
      rake (>= 0.9.2.2)

GEM
  remote: https://rubygems.org/
  specs:
    addressable (2.3.5)
    builder (3.2.2)
    excon (0.25.3)
    fog (1.15.0)
      builder
      excon (~> 0.25.0)
      formatador (~> 0.2.0)
      mime-types
      multi_json (~> 1.0)
      net-scp (~> 1.1)
      net-ssh (>= 2.1.3)
      nokogiri (~> 1.5)
      ruby-hmac
    formatador (0.2.4)
    heroku (2.34.0)
      heroku-api (~> 0.3.7)
      launchy (>= 0.3.2)
      netrc (~> 0.7.7)
      rest-client (~> 1.6.1)
      rubyzip
    heroku-api (0.3.15)
      excon (~> 0.25.1)
    launchy (2.4.1)
      addressable (~> 2.3)
    mime-types (2.0)
    mini_portile (0.5.2)
    multi_json (1.8.2)
    net-scp (1.1.2)
      net-ssh (>= 2.6.5)
    net-ssh (2.7.0)
    netrc (0.7.7)
    newrelic_rpm (3.6.9.171)
    nokogiri (1.6.0)
      mini_portile (~> 0.5.0)
    pg (0.17.0)
    rake (10.1.0)
    rest-client (1.6.7)
      mime-types (>= 1.16)
    ruby-hmac (0.4.0)
    rubyzip (1.1.0)

PLATFORMS
  ruby

DEPENDENCIES
  newrelic_rpm (~> 3.6.9.171)
  pg (~> 0.17.0)
  pgbackups-archive!
  rake (~> 10.1.0)
